GEM
  remote: https://rubygems.org/
  specs:
    activemodel (4.1.6)
      activesupport (= 4.1.6)
      builder (~> 3.1)
    activerecord (4.1.6)
      activemodel (= 4.1.6)
      activesupport (= 4.1.6)
      arel (~> 5.0.0)
    activesupport (4.1.6)
      i18n (~> 0.6, >= 0.6.9)
      json (~> 1.7, >= 1.7.7)
      minitest (~> 5.1)
      thread_safe (~> 0.1)
      tzinfo (~> 1.1)
    addressable (2.3.6)
    arel (5.0.1.20140414130214)
    bcrypt (3.1.7)
    bond (0.5.1)
    buftok (0.2.0)
    builder (3.2.2)
    celluloid (0.16.0)
      timers (~> 4.0.0)
    daemons (1.1.9)
    descendants_tracker (0.0.4)
      thread_safe (~> 0.3, >= 0.3.1)
    equalizer (0.0.9)
    eventmachine (1.0.3)
    faraday (0.9.0)
      multipart-post (>= 1.2, < 3)
    ffi (1.9.3)
    github_api (0.12.1)
      addressable (~> 2.3)
      descendants_tracker (~> 0.0.4)
      faraday (~> 0.8, < 0.10)
      hashie (>= 3.2)
      multi_json (>= 1.7.5, < 2.0)
      nokogiri (~> 1.6.3)
      oauth2
    hashie (3.3.1)
    hitimes (1.2.2)
    http (0.6.2)
      http_parser.rb (~> 0.6.0)
    http_parser.rb (0.6.0)
    httparty (0.13.1)
      json (~> 1.8)
      multi_xml (>= 0.5.2)
    i18n (0.6.11)
    json (1.8.1)
    jwt (1.0.0)
    listen (2.7.9)
      celluloid (>= 0.15.2)
      rb-fsevent (>= 0.9.3)
      rb-inotify (>= 0.9)
    memoizable (0.4.2)
      thread_safe (~> 0.3, >= 0.3.1)
    mini_portile (0.6.0)
    minitest (5.4.1)
    multi_json (1.10.1)
    multi_xml (0.5.5)
    multipart-post (2.0.0)
    naught (1.0.0)
    netrc (0.7.7)
    nokogiri (1.6.3.1)
      mini_portile (= 0.6.0)
    oauth (0.4.7)
    oauth2 (1.0.0)
      faraday (>= 0.8, < 0.10)
      jwt (~> 1.0)
      multi_json (~> 1.3)
      multi_xml (~> 0.5)
      rack (~> 1.2)
    omniauth (1.2.2)
      hashie (>= 1.2, < 4)
      rack (~> 1.0)
    omniauth-github (1.1.2)
      omniauth (~> 1.0)
      omniauth-oauth2 (~> 1.1)
    omniauth-oauth (1.0.1)
      oauth
      omniauth (~> 1.0)
    omniauth-oauth2 (1.2.0)
      faraday (>= 0.8, < 0.10)
      multi_json (~> 1.3)
      oauth2 (~> 1.0)
      omniauth (~> 1.2)
    omniauth-twitter (1.0.1)
      multi_json (~> 1.3)
      omniauth-oauth (~> 1.0)
    pg (0.17.1)
    rack (1.5.2)
    rack-protection (1.5.3)
      rack
    rack-test (0.6.2)
      rack (>= 1.0)
    rake (10.3.2)
    rb-fsevent (0.9.4)
    rb-inotify (0.9.5)
      ffi (>= 0.5.0)
    rerun (0.10.0)
      listen (~> 2.7, >= 2.7.3)
    rest_client (1.7.3)
      netrc (~> 0.7.7)
    ripl (0.7.1)
      bond (~> 0.5.1)
    ripl-multi_line (0.3.1)
      ripl (>= 0.3.6)
    ripl-rack (0.2.1)
      rack (>= 1.0)
      rack-test (~> 0.6.2)
      ripl (>= 0.7.0)
    simple_oauth (0.2.0)
    sinatra (1.4.5)
      rack (~> 1.4)
      rack-protection (~> 1.4)
      tilt (~> 1.3, >= 1.3.4)
    sinatra-activerecord (2.0.2)
      activerecord (>= 3.2)
      sinatra (~> 1.0)
    sqlite3 (1.3.9)
    thin (1.6.2)
      daemons (>= 1.0.9)
      eventmachine (>= 1.0.0)
      rack (>= 1.0.0)
    thread_safe (0.3.4)
    tilt (1.4.1)
    timers (4.0.1)
      hitimes
    tux (0.3.0)
      ripl (>= 0.3.5)
      ripl-multi_line (>= 0.2.4)
      ripl-rack (>= 0.2.0)
      sinatra (>= 1.2.1)
    twitter (5.11.0)
      addressable (~> 2.3)
      buftok (~> 0.2.0)
      equalizer (~> 0.0.9)
      faraday (~> 0.9.0)
      http (~> 0.6.0)
      http_parser.rb (~> 0.6.0)
      json (~> 1.8)
      memoizable (~> 0.4.0)
      naught (~> 1.0)
      simple_oauth (~> 0.2.0)
    tzinfo (1.2.2)
      thread_safe (~> 0.1)

PLATFORMS
  ruby

DEPENDENCIES
  bcrypt
  github_api
  httparty
  json
  omniauth-github
  omniauth-twitter
  pg
  rake
  rerun
  rest_client
  sinatra
  sinatra-activerecord
  sqlite3
  thin
  tux
  twitter
